GIT
  remote: git@github.com:spscommerce/ansible-sdk.git
  revision: f93b8430372d3922f22d72b8a1a0f0cb9773cbe6
  specs:
    ansible-sdk (0.9.18)
      aws-sdk (~> 1.57.0)
      thor (~> 0.19.1)

GEM
  remote: https://rubygems.org/
  specs:
    archive-tar-minitar (0.5.2)
    aws-sdk (1.57.0)
      aws-sdk-v1 (= 1.57.0)
    aws-sdk-v1 (1.57.0)
      json (~> 1.4)
      nokogiri (>= 1.4.4)
    diff-lcs (1.2.5)
    docker-api (1.10.11)
      archive-tar-minitar
      excon (>= 0.28)
      json
    excon (0.44.4)
    json (1.8.2)
    kitchen (0.0.3)
    kitchen-ansible (0.0.10)
    kitchen-docker (1.7.0)
      test-kitchen (>= 1.0.0)
    kitchen-docker-api (0.4.0)
      docker-api (~> 1.10.0)
      test-kitchen (>= 1.0.0)
    kitchen-vagrant (0.16.0)
      test-kitchen (~> 1.0)
    mini_portile (0.6.2)
    mixlib-shellout (2.0.1)
    multi_json (1.11.0)
    net-scp (1.2.1)
      net-ssh (>= 2.6.5)
    net-ssh (2.9.2)
    nokogiri (1.6.6.2)
      mini_portile (~> 0.6.0)
    rspec (3.2.0)
      rspec-core (~> 3.2.0)
      rspec-expectations (~> 3.2.0)
      rspec-mocks (~> 3.2.0)
    rspec-core (3.2.2)
      rspec-support (~> 3.2.0)
    rspec-expectations (3.2.0)
      diff-lcs (>= 1.2.0, < 2.0)
      rspec-support (~> 3.2.0)
    rspec-its (1.2.0)
      rspec-core (>= 3.0.0)
      rspec-expectations (>= 3.0.0)
    rspec-mocks (3.2.1)
      diff-lcs (>= 1.2.0, < 2.0)
      rspec-support (~> 3.2.0)
    rspec-support (3.2.2)
    safe_yaml (1.0.4)
    serverspec (2.13.0)
      multi_json
      rspec (~> 3.0)
      rspec-its
      specinfra (~> 2.25)
    specinfra (2.25.1)
      net-scp
      net-ssh
    test-kitchen (1.3.1)
      mixlib-shellout (>= 1.2, < 3.0)
      net-scp (~> 1.1)
      net-ssh (~> 2.7)
      safe_yaml (~> 1.0)
      thor (~> 0.18)
    thor (0.19.1)
    thor-scmversion (1.7.0)
      mixlib-shellout
      thor

PLATFORMS
  ruby

DEPENDENCIES
  ansible-sdk!
  kitchen
  kitchen-ansible
  kitchen-docker
  kitchen-docker-api
  kitchen-vagrant
  serverspec (>= 2.0.0)
  thor-scmversion
